GEM
  remote: https://rubygems.org/
  specs:
    anemone (0.7.2)
      nokogiri (>= 1.3.0)
      robotex (>= 1.0.0)
    archive-zip (0.11.0)
      io-like (~> 0.3.0)
    childprocess (0.9.0)
      ffi (~> 1.0, >= 1.0.11)
    chromedriver-helper (1.2.0)
      archive-zip (~> 0.10)
      nokogiri (~> 1.8)
    ffi (1.9.23)
    image_size (2.0.0)
    io-like (0.3.0)
    log4r (1.1.10)
    mini_magick (4.8.0)
    mini_portile2 (2.3.0)
    nokogiri (1.8.2)
      mini_portile2 (~> 2.3.0)
    parallel (1.12.1)
    rake (12.3.1)
    robotex (1.0.0)
    rubyzip (1.2.1)
    selenium-webdriver (3.11.0)
      childprocess (~> 0.5)
      rubyzip (~> 1.2)
    thor (0.20.0)
    wraith (4.2.1)
      anemone
      chromedriver-helper (~> 1.1)
      image_size
      log4r
      mini_magick (~> 4.8)
      parallel
      rake
      robotex
      selenium-webdriver (~> 3.5)
      thor

PLATFORMS
  ruby

DEPENDENCIES
  wraith

BUNDLED WITH
   1.16.1
